GIT
  remote: git://github.com/puma/puma.git
  revision: 7af141b97fdfdc604481fde84f12134bb9138d20
  specs:
    puma (1.3.0)
      rack (~> 1.2)

GIT
  remote: git://github.com/sinatra/sinatra-contrib.git
  revision: 180008c696f8cebe2f8a2de0ebcd63fc06d5c7fa
  specs:
    sinatra-contrib (1.4.0)
      backports (>= 2.0)
      eventmachine
      rack-protection
      rack-test
      sinatra (~> 1.4.0)
      tilt (~> 1.3)

GIT
  remote: git://github.com/sinatra/sinatra.git
  revision: cab56ed7d64b9ffb6d4df48cb8d7d3153890f3ee
  specs:
    sinatra (1.4.0)
      rack (~> 1.3, >= 1.3.6)
      rack-protection (~> 1.2)
      tilt (~> 1.3, >= 1.3.3)

GEM
  remote: http://rubygems.org/
  specs:
    backports (2.5.3)
    eventmachine (0.12.10)
    rack (1.4.1)
    rack-protection (1.2.0)
      rack
    rack-test (0.6.1)
      rack (>= 1.0)
    slim (1.2.0)
      temple (~> 0.4.0)
      tilt (~> 1.3.3)
    temple (0.4.0)
    tilt (1.3.3)

PLATFORMS
  ruby

DEPENDENCIES
  puma!
  sinatra!
  sinatra-contrib!
  slim
