GIT
  remote: git://github.com/puma/puma.git
  revision: 2459d3b7d53bca7405e2a79d03b91f7c6fa65618
  branch: master
  specs:
    puma (1.3.1)
      rack (~> 1.2)

GIT
  remote: git://github.com/rkh/gh.git
  revision: c1ca01b1693752d4dfc9f60b348f510802ab4dfc
  branch: master
  specs:
    gh (0.6.0)
      addressable
      backports (~> 2.3)
      faraday (~> 0.8)
      multi_json (~> 1.0)
      net-http-persistent
      net-http-pipeline

GIT
  remote: git://github.com/sinatra/sinatra-contrib.git
  revision: c5c2d32e688123a1a1cab4b391447e995957c94f
  branch: master
  specs:
    sinatra-contrib (1.4.0)
      backports (>= 2.0)
      eventmachine
      rack-protection
      rack-test
      sinatra (~> 1.4.0)
      tilt (~> 1.3)

GIT
  remote: git://github.com/sinatra/sinatra.git
  revision: 0c2190b8a6520c8960c915a0d57128004d0b28bf
  branch: master
  specs:
    sinatra (1.4.0)
      rack (~> 1.3, >= 1.3.6)
      rack-protection (~> 1.2)
      tilt (~> 1.3, >= 1.3.3)

GEM
  remote: http://rubygems.org/
  specs:
    addressable (2.2.8)
    backports (2.6.1)
    eventmachine (0.12.10)
    faraday (0.8.1)
      multipart-post (~> 1.1)
    multi_json (1.3.6)
    multipart-post (1.1.5)
    net-http-persistent (2.6)
    net-http-pipeline (1.0.1)
    pg (0.13.2)
    rack (1.4.1)
    rack-protection (1.2.0)
      rack
    rack-ssl (1.3.2)
      rack
    rack-test (0.6.1)
      rack (>= 1.0)
    rdiscount (1.6.8)
    sequel (3.36.1)
    slim (1.2.1)
      temple (~> 0.4.0)
      tilt (~> 1.3.3)
    temple (0.4.0)
    tilt (1.3.3)

PLATFORMS
  ruby

DEPENDENCIES
  addressable
  gh!
  kramdown
  pg
  puma!
  rack-ssl
  rdiscount
  sequel
  sinatra!
  sinatra-contrib!
  slim
  trinidad
