GIT
  remote: git://github.com/rkh/gh.git
  revision: a4f252e9f4cd717dab330e0f4acb4e4fbec82e5d
  branch: master
  specs:
    gh (0.7.3)
      addressable
      backports (~> 2.3)
      faraday (~> 0.8)
      multi_json (~> 1.0)
      net-http-persistent (>= 2.7)
      net-http-pipeline

GIT
  remote: git://github.com/sinatra/sinatra-contrib.git
  revision: c5c2d32e688123a1a1cab4b391447e995957c94f
  branch: master
  specs:
    sinatra-contrib (1.4.0)
      backports (>= 2.0)
      eventmachine
      rack-protection
      rack-test
      sinatra (~> 1.4.0)
      tilt (~> 1.3)

GIT
  remote: git://github.com/sinatra/sinatra.git
  revision: 9e8677a6c3e5e3f262141bb5713fd3f0a81c94e5
  branch: master
  specs:
    sinatra (1.4.0)
      rack (~> 1.3, >= 1.3.6)
      rack-protection (~> 1.2)
      tilt (~> 1.3, >= 1.3.3)

GEM
  remote: http://rubygems.org/
  specs:
    addressable (2.2.8)
    backports (2.6.1)
    coderay (1.0.6)
    coffee-script (2.2.0)
      coffee-script-source
      execjs
    coffee-script-source (1.3.3)
    daemons (1.1.8)
    eventmachine (0.12.10)
    execjs (1.4.0)
      multi_json (~> 1.0)
    faraday (0.8.1)
      multipart-post (~> 1.1)
    method_source (0.7.1)
    multi_json (1.3.6)
    multipart-post (1.1.5)
    net-http-persistent (2.7)
    net-http-pipeline (1.0.1)
    pg (0.13.2)
    pry (0.9.9.6)
      coderay (~> 1.0.5)
      method_source (~> 0.7.1)
      slop (>= 2.4.4, < 3)
    rack (1.4.1)
    rack-protection (1.2.0)
      rack
    rack-ssl (1.3.2)
      rack
    rack-test (0.6.1)
      rack (>= 1.0)
    rdiscount (1.6.8)
    redis (2.2.2)
    rerun (0.6.6)
    sequel (3.36.1)
    slim (1.2.1)
      temple (~> 0.4.0)
      tilt (~> 1.3.3)
    slop (2.4.4)
    sqlite3 (1.3.6)
    temple (0.4.0)
    thin (1.3.1)
      daemons (>= 1.0.9)
      eventmachine (>= 0.12.6)
      rack (>= 1.0.0)
    tilt (1.3.3)

PLATFORMS
  ruby

DEPENDENCIES
  addressable
  coffee-script
  gh!
  pg
  pry
  rack-ssl
  rdiscount
  redis
  rerun
  sequel
  sinatra!
  sinatra-contrib!
  slim
  sqlite3
  thin
