GIT
  remote: git://github.com/puma/puma.git
  revision: 7f5a03119ac5d23fefa2bfd989843493c287b315
  branch: master
  specs:
    puma (1.3.1)
      rack (~> 1.2)

GIT
  remote: git://github.com/rkh/gh.git
  revision: 7fa990f4c7a51ccef8c833496448007f9f8bff78
  branch: master
  specs:
    gh (0.4.2)
      addressable
      backports (~> 2.3)
      faraday (~> 0.8)
      multi_json (~> 1.0)

GIT
  remote: git://github.com/sinatra/sinatra-contrib.git
  revision: c5c2d32e688123a1a1cab4b391447e995957c94f
  branch: master
  specs:
    sinatra-contrib (1.4.0)
      backports (>= 2.0)
      eventmachine
      rack-protection
      rack-test
      sinatra (~> 1.4.0)
      tilt (~> 1.3)

GIT
  remote: git://github.com/sinatra/sinatra.git
  revision: f948c236fe5c3cd205b89c20387de1ca16ed8c80
  branch: master
  specs:
    sinatra (1.4.0)
      rack (~> 1.3, >= 1.3.6)
      rack-protection (~> 1.2)
      tilt (~> 1.3, >= 1.3.3)

GEM
  remote: http://rubygems.org/
  specs:
    addressable (2.2.8)
    backports (2.5.3)
    eventmachine (0.12.10)
    eventmachine (0.12.10-java)
    faraday (0.8.0)
      multipart-post (~> 1.1)
    jruby-rack (1.1.6)
    kramdown (0.13.6)
    multi_json (1.3.5)
    multipart-post (1.1.5)
    pg (0.13.2)
    rack (1.4.1)
    rack-protection (1.2.0)
      rack
    rack-ssl (1.3.2)
      rack
    rack-test (0.6.1)
      rack (>= 1.0)
    rdiscount (1.6.8)
    sequel (3.35.0)
    slim (1.2.1)
      temple (~> 0.4.0)
      tilt (~> 1.3.3)
    temple (0.4.0)
    tilt (1.3.3)
    trinidad (1.3.5)
      jruby-rack (>= 1.1.5)
      trinidad_jars (>= 1.0.2)
    trinidad_jars (1.0.3)

PLATFORMS
  java
  ruby

DEPENDENCIES
  addressable
  gh!
  kramdown
  pg
  puma!
  rack-ssl
  rdiscount
  sequel
  sinatra!
  sinatra-contrib!
  slim
  trinidad
