GIT
  remote: git://github.com/puma/puma.git
  revision: 7f5a03119ac5d23fefa2bfd989843493c287b315
  branch: master
  specs:
    puma (1.3.1)
      rack (~> 1.2)

GIT
  remote: git://github.com/rkh/gh.git
  revision: 6051b14c379374ebb2ac5a380dd78c416e326bdd
  branch: master
  specs:
    gh (0.4.2)
      addressable
      backports (~> 2.3)
      faraday (~> 0.8)
      multi_json (~> 1.0)

GIT
  remote: git://github.com/sinatra/sinatra-contrib.git
  revision: c5c2d32e688123a1a1cab4b391447e995957c94f
  branch: master
  specs:
    sinatra-contrib (1.4.0)
      backports (>= 2.0)
      eventmachine
      rack-protection
      rack-test
      sinatra (~> 1.4.0)
      tilt (~> 1.3)

GIT
  remote: git://github.com/sinatra/sinatra.git
  revision: cab56ed7d64b9ffb6d4df48cb8d7d3153890f3ee
  branch: master
  specs:
    sinatra (1.4.0)
      rack (~> 1.3, >= 1.3.6)
      rack-protection (~> 1.2)
      tilt (~> 1.3, >= 1.3.3)

GEM
  remote: http://rubygems.org/
  specs:
    addressable (2.2.8)
    backports (2.5.3)
    eventmachine (0.12.10)
    faraday (0.8.0)
      multipart-post (~> 1.1)
    multi_json (1.3.5)
    multipart-post (1.1.5)
    pg (0.13.2)
    rack (1.4.1)
    rack-protection (1.2.0)
      rack
    rack-ssl (1.3.2)
      rack
    rack-test (0.6.1)
      rack (>= 1.0)
    rdiscount (1.6.8)
    sequel (3.35.0)
    slim (1.2.1)
      temple (~> 0.4.0)
      tilt (~> 1.3.3)
    temple (0.4.0)
    tilt (1.3.3)

PLATFORMS
  ruby

DEPENDENCIES
  addressable
  gh!
  pg
  puma!
  rack-ssl
  rdiscount
  sequel
  sinatra!
  sinatra-contrib!
  slim
